PATH
  remote: .
  specs:
    filestatus (0.0.1)

GEM
  remote: https://rubygems.org/
  specs:
    daemons (1.1.8)
    diff-lcs (1.1.3)
    fssm (0.2.8.1)
    multi_json (1.2.0)
    rainbow (1.1.3)
    rake (0.9.2.2)
    rspec (2.9.0)
      rspec-core (~> 2.9.0)
      rspec-expectations (~> 2.9.0)
      rspec-mocks (~> 2.9.0)
    rspec-core (2.9.0)
    rspec-expectations (2.9.1)
      diff-lcs (~> 1.1.3)
    rspec-mocks (2.9.0)
    simplecov (0.6.1)
      multi_json (~> 1.0)
      simplecov-html (~> 0.5.3)
    simplecov-html (0.5.3)
    xmpp4r (0.5)

PLATFORMS
  ruby

DEPENDENCIES
  bundler (~> 1.1.0)
  daemons (~> 1.1.8)
  filestatus!
  fssm (~> 0.2.8.1)
  rainbow (~> 1.1.3)
  rake (~> 0.9.2)
  rspec (~> 2.9.0)
  simplecov (~> 0.6.1)
  xmpp4r (~> 0.5)
